GEM
  specs:
    faraday (2.5.2)
      faraday-net_http (>= 2.0, < 3.1)
      ruby2_keywords (>= 0.0.4)
    faraday-net_http (3.0.0)
    ruby2_keywords (0.0.5)

PLATFORMS
  x64-mingw-ucrt

DEPENDENCIES
  faraday (~> 2.5, >= 2.5.2)

BUNDLED WITH
   2.3.7
